GEM
  remote: https://rubygems.org/
  specs:
    json (2.3.0)

PLATFORMS
  ruby

DEPENDENCIES
  json (> 1.8.2)

BUNDLED WITH
   1.14.6
